GEM
  remote: https://rubygems.org/
  specs:
    nio4r (2.7.4)
    puma (6.4.3)
      nio4r (~> 2.0)
    rack (3.1.8)
    rackup (2.2.0)
      rack (>= 3)

PLATFORMS
  ruby
  x86_64-linux

DEPENDENCIES
  puma
  rack
  rackup

BUNDLED WITH
   2.5.22
