GEM
  remote: https://rubygems.org/
  specs:
    nio4r (2.7.4)
    puma (7.0.4)
      nio4r (~> 2.0)
    rack (3.2.2)
    rackup (2.2.1)
      rack (>= 3)

PLATFORMS
  ruby
  x86_64-linux

DEPENDENCIES
  puma
  rack
  rackup

BUNDLED WITH
   2.6.9
